GEM
  remote: https://rubygems.org/
  specs:
    artii (2.1.2)
    byebug (11.1.3)
    colorize (0.8.1)
    httparty (0.18.1)
      mime-types (~> 3.0)
      multi_xml (>= 0.5.2)
    mime-types (3.3.1)
      mime-types-data (~> 3.2015)
    mime-types-data (3.2020.0512)
    multi_xml (0.6.0)

PLATFORMS
  ruby

DEPENDENCIES
  artii
  byebug
  colorize
  httparty

BUNDLED WITH
   2.0.2
